GEM
  remote: https://rubygems.org/
  specs:
    activemodel (5.1.4)
      activesupport (= 5.1.4)
    activerecord (5.1.4)
      activemodel (= 5.1.4)
      activesupport (= 5.1.4)
      arel (~> 8.0)
    activerecord-mysql2-adapter (0.0.3)
      mysql2
    activesupport (5.1.4)
      concurrent-ruby (~> 1.0, >= 1.0.2)
      i18n (~> 0.7)
      minitest (~> 5.1)
      tzinfo (~> 1.1)
    arel (8.0.0)
    beefcake (1.2.0)
    bson (4.2.2)
    bson_ext (1.5.1)
    cert_validator (0.0.1)
    concurrent-ruby (1.0.5)
    i18n (0.9.1)
      concurrent-ruby (~> 1.0)
    iconv (1.0.4)
    innertube (1.1.0)
    minitest (5.10.3)
    mongo (2.4.3)
      bson (>= 4.2.1, < 5.0.0)
    multi_json (1.12.2)
    mysql2 (0.4.10)
    pg (0.21.0)
    rake (12.3.0)
    redis (4.0.1)
    riak-client (2.6.0)
      beefcake (~> 1.1)
      cert_validator (~> 0.0.1)
      i18n (~> 0.6)
      innertube (~> 1.0)
      multi_json (~> 1.0)
    thread_safe (0.3.6)
    tzinfo (1.2.4)
      thread_safe (~> 0.1)

PLATFORMS
  ruby

DEPENDENCIES
  activerecord (>= 4.2.7)
  activerecord-mysql2-adapter
  bson_ext
  iconv
  mongo
  pg
  rake
  redis
  riak-client

BUNDLED WITH
   1.15.3
